GEM
  remote: https://rubygems.org/
  specs:
    activesupport (4.1.8)
      i18n (~> 0.6, >= 0.6.9)
      json (~> 1.7, >= 1.7.7)
      minitest (~> 5.1)
      thread_safe (~> 0.1)
      tzinfo (~> 1.1)
    artii (2.1.0)
    chrono (0.0.4)
      activesupport
    dotenv (1.0.2)
    faraday (0.9.0)
      multipart-post (>= 1.2, < 3)
    faraday_middleware (0.9.1)
      faraday (>= 0.7.4, < 0.10)
    i18n (0.6.11)
    json (1.8.1)
    mem (0.1.5)
    minitest (5.4.3)
    multipart-post (2.0.0)
    rake (10.3.2)
    redis (3.1.0)
    redis-namespace (1.5.1)
      redis (~> 3.0, >= 3.0.4)
    ruboty (1.0.4)
      activesupport
      bundler
      dotenv
      mem
      slop
    ruboty-aa (0.0.1)
      artii (>= 2.0)
      ruboty
    ruboty-alias (0.0.3)
      ruboty
    ruboty-cron (0.0.9)
      activesupport
      chrono
      ruboty (>= 0.2.0)
    ruboty-dajare (1.0.0)
      ruboty
    ruboty-deadline (1.0.2)
      activesupport
      ruboty
      tokiyomi
    ruboty-google_image (0.0.7)
      faraday
      faraday_middleware
      ruboty
    ruboty-lgtm (0.0.3)
      faraday
      faraday_middleware
      ruboty
    ruboty-redis (0.0.5)
      redis
      redis-namespace
      ruboty
    ruboty-slack (0.1.7)
      ruboty (>= 1.0.4)
      xrc (>= 0.0.6)
    ruboty-zoi (1.1.0)
      ruboty
    slop (3.6.0)
    thread_safe (0.3.4)
    tokiyomi (0.1.0)
      activesupport
    tzinfo (1.2.2)
      thread_safe (~> 0.1)
    xrc (0.1.4)
      activesupport

PLATFORMS
  ruby

DEPENDENCIES
  rake
  ruboty-aa
  ruboty-alias
  ruboty-cron
  ruboty-dajare
  ruboty-deadline
  ruboty-google_image
  ruboty-lgtm
  ruboty-redis
  ruboty-slack
  ruboty-zoi
